GEM
  remote: https://rubygems.org/
  specs:
    mustermann (1.0.0.beta2)
    pg (0.19.0)
    rack (2.0.1)
    rack-protection (2.0.0.beta2)
      rack
    sequel (4.42.1)
    sinatra (2.0.0.beta2)
      mustermann (= 1.0.0.beta2)
      rack (~> 2.0)
      rack-protection (= 2.0.0.beta2)
      tilt (~> 2.0)
    sinatra-sequel (0.9.0)
      sequel (>= 3.2.0)
      sinatra (>= 0.9.4)
    tilt (2.0.6)

PLATFORMS
  ruby

DEPENDENCIES
  pg!
  sequel (~> 4.42, >= 4.42.1)!
  sinatra (~> 2.0.0.beta2)!
  sinatra-sequel (~> 0.9.0)!

BUNDLED WITH
   1.14.3
